GEM
  remote: https://rubygems.org/
  specs:
    dotenv (3.1.7)
    mysql2 (0.5.6)

PLATFORMS
  x64-mingw-ucrt

DEPENDENCIES
  dotenv
  mysql2

BUNDLED WITH
   2.6.3
